GEM
  remote: https://rubygems.org/
  specs:
    autoprefixer-rails (5.1.8)
      execjs
      json
    bootstrap-sass (3.3.3)
      autoprefixer-rails (>= 5.0.0.1)
      sass (>= 3.2.19)
    execjs (2.4.0)
    font-awesome-sass (4.3.1)
      sass (~> 3.2)
    json (1.8.2)
    rack (1.6.0)
    rack-protection (1.5.3)
      rack
    sass (3.4.13)
    sinatra (1.4.6)
      rack (~> 1.4)
      rack-protection (~> 1.4)
      tilt (>= 1.3, < 3)
    tilt (2.0.1)

PLATFORMS
  x86-mingw32

DEPENDENCIES
  bootstrap-sass (= 3.3.3)
  font-awesome-sass (= 4.3.1)
  sinatra
